GEM
  remote: http://rubygems.org/
  specs:
    Platform (0.4.0)
    archive-tar-minitar (0.5.2)
    bunny (0.7.9)
    chef (10.18.2)
      bunny (>= 0.6.0, < 0.8.0)
      erubis
      highline (>= 1.6.9)
      json (>= 1.4.4, <= 1.6.1)
      mixlib-authentication (>= 1.3.0)
      mixlib-cli (>= 1.1.0)
      mixlib-config (>= 1.1.2)
      mixlib-log (>= 1.3.0)
      mixlib-shellout
      moneta (< 0.7.0)
      net-ssh (~> 2.2.2)
      net-ssh-multi (~> 1.1.0)
      ohai (>= 0.6.0)
      rest-client (>= 1.0.4, < 1.7.0)
      treetop (~> 1.4.9)
      uuidtools
      yajl-ruby (~> 1.1)
    childprocess (0.3.7)
      ffi (~> 1.0, >= 1.0.6)
    coderay (1.0.8)
    erubis (2.7.0)
    ffi (1.3.1)
    foodcritic (1.7.0)
      erubis
      gherkin (~> 2.11.1)
      gist (~> 3.1.0)
      nokogiri (~> 1.5.4)
      pry (~> 0.9.8.4)
      rak (~> 1.4)
      treetop (~> 1.4.10)
      yajl-ruby (~> 1.1.0)
    gherkin (2.11.5)
      json (>= 1.4.6)
    gist (3.1.1)
    highline (1.6.15)
    i18n (0.6.11)
    ipaddress (0.8.0)
    json (1.5.4)
    knife-solo (0.0.14)
      chef (>= 0.10.10)
      librarian (~> 0.0.20)
      net-ssh (>= 2.1.3, < 2.3.0)
    librarian (0.0.26)
      archive-tar-minitar (>= 0.5.2)
      chef (>= 0.10)
      highline
      thor (~> 0.15)
    log4r (1.1.10)
    method_source (0.7.1)
    micromachine (1.0.4)
    mime-types (1.19)
    mixlib-authentication (1.3.0)
      mixlib-log
    mixlib-cli (1.3.0)
    mixlib-config (1.1.2)
    mixlib-log (1.4.1)
    mixlib-shellout (1.1.0)
    moneta (0.6.0)
    net-scp (1.0.4)
      net-ssh (>= 1.99.1)
    net-ssh (2.2.2)
    net-ssh-gateway (1.1.0)
      net-ssh (>= 1.99.1)
    net-ssh-multi (1.1)
      net-ssh (>= 2.1.4)
      net-ssh-gateway (>= 0.99.0)
    nokogiri (1.5.6)
    ohai (6.16.0)
      ipaddress
      mixlib-cli
      mixlib-config
      mixlib-log
      mixlib-shellout
      systemu
      yajl-ruby
    open4 (1.3.0)
    polyglot (0.3.3)
    popen4 (0.1.2)
      Platform (>= 0.4.0)
      open4 (>= 0.4.0)
    pry (0.9.8.4)
      coderay (~> 1.0.5)
      method_source (~> 0.7.1)
      slop (>= 2.4.4, < 3)
    rak (1.4)
    rake (10.0.3)
    rest-client (1.6.7)
      mime-types (>= 1.16)
    rubygems-bundler (1.1.0)
    sahara (0.0.13)
      popen4 (~> 0.1.2)
      thor (> 0.14)
      vagrant (~> 1.0)
    slop (2.4.4)
    ssh-forever (0.2.3)
    systemu (2.5.2)
    thor (0.16.0)
    treetop (1.4.12)
      polyglot
      polyglot (>= 0.3.1)
    uuidtools (2.1.3)
    vagrant (1.0.6)
      archive-tar-minitar (= 0.5.2)
      childprocess (~> 0.3.1)
      erubis (~> 2.7.0)
      i18n (~> 0.6.0)
      json (~> 1.5.1)
      log4r (~> 1.1.9)
      net-scp (~> 1.0.4)
      net-ssh (~> 2.2.2)
    vagrant-hostmaster (0.8.1)
      vagrant (~> 1.0.3)
    vagrant-librarian (0.1.0)
      librarian
      vagrant
    vagrant-vbguest (0.6.4)
      i18n (~> 0.6.0)
      log4r (~> 1.1.9)
      micromachine (~> 1.0.4)
    yajl-ruby (1.1.0)

PLATFORMS
  ruby

DEPENDENCIES
  chef
  foodcritic
  knife-solo
  librarian
  rake
  rubygems-bundler
  sahara
  ssh-forever
  vagrant (> 1)
  vagrant-hostmaster
  vagrant-librarian
  vagrant-vbguest
